PATH
  remote: .
  specs:
    searchlogic (3.0.0)
      activerecord (~> 3.2.11)
      activesupport (~> 3.2.11)

GEM
  remote: http://rubygems.org/
  specs:
    activemodel (3.2.11)
      activesupport (= 3.2.11)
      builder (~> 3.0.0)
    activerecord (3.2.11)
      activemodel (= 3.2.11)
      activesupport (= 3.2.11)
      arel (~> 3.0.2)
      tzinfo (~> 0.3.29)
    activesupport (3.2.11)
      i18n (~> 0.6)
      multi_json (~> 1.0)
    appraisal (0.5.1)
      bundler
      rake
    arel (3.0.2)
    builder (3.0.4)
    coderay (1.0.8)
    diff-lcs (1.1.3)
    i18n (0.6.1)
    method_source (0.8.1)
    multi_json (1.5.0)
    pry (0.9.11.4)
      coderay (~> 1.0.5)
      method_source (~> 0.8)
      slop (~> 3.4)
    rake (10.0.3)
    rspec (2.12.0)
      rspec-core (~> 2.12.0)
      rspec-expectations (~> 2.12.0)
      rspec-mocks (~> 2.12.0)
    rspec-core (2.12.2)
    rspec-expectations (2.12.1)
      diff-lcs (~> 1.1.3)
    rspec-mocks (2.12.2)
    slop (3.4.3)
    sqlite3 (1.3.7)
    tzinfo (0.3.35)

PLATFORMS
  ruby

DEPENDENCIES
  appraisal (= 0.5.1)
  pry (= 0.9.11.4)
  rspec (~> 2.12.0)
  searchlogic!
  sqlite3
